PATH
  remote: .
  specs:
    ierail (0.3)
      nokogiri
      rest-client

GEM
  remote: https://rubygems.org/
  specs:
    mime-types (1.23)
    nokogiri (1.5.0)
    rest-client (1.6.7)
      mime-types (>= 1.16)

PLATFORMS
  ruby

DEPENDENCIES
  ierail!
