PATH
  remote: .
  specs:
    ierail (0.3.3)
      activesupport (~> 3.2.13)
      json (~> 1.7.7)
      nokogiri (~> 1.5.0)
      rest-client (~> 1.6.7)

GEM
  remote: https://rubygems.org/
  specs:
    activesupport (3.2.13)
      i18n (= 0.6.1)
      multi_json (~> 1.0)
    colorize (0.5.8)
    coveralls (0.6.6)
      colorize
      multi_json (~> 1.3)
      rest-client
      simplecov (>= 0.7)
      thor
    i18n (0.6.1)
    json (1.7.7)
    mime-types (1.23)
    multi_json (1.7.3)
    nokogiri (1.5.9)
    rake (10.0.4)
    rest-client (1.6.7)
      mime-types (>= 1.16)
    simplecov (0.7.1)
      multi_json (~> 1.0)
      simplecov-html (~> 0.7.1)
    simplecov-html (0.7.1)
    thor (0.18.1)

PLATFORMS
  ruby

DEPENDENCIES
  coveralls
  ierail!
  rake
